GEM
  remote: http://rubygems.org/
  specs:
    albacore (0.3.3)
      rubyzip
    bootstrap-sass (2.1.0.0)
    chunky_png (1.2.6)
    compass (0.12.2)
      chunky_png (~> 1.2)
      fssm (>= 0.2.7)
      sass (~> 3.1)
    fssm (0.2.9)
    rake (0.9.2.2)
    rubyzip (0.9.9)
    sass (3.2.1)

PLATFORMS
  x86-mingw32

DEPENDENCIES
  albacore
  bootstrap-sass (~> 2.1.0.0)
  compass
  rake
